GIT
  remote: https://github.com/mishina2228/git_stats.git
  revision: 0e29463f0058c9f17dd0d8acb57baeba354d1abd
  specs:
    git_stats (2.0.0.alpha)
      actionview (~> 6.1)
      activesupport (~> 6.1)
      haml (~> 5.0)
      i18n (~> 1.8)
      json_pure (~> 2.1)
      lazy_high_charts (~> 1.6)
      thor (~> 1.0)
      tilt (~> 2.0)

GEM
  remote: https://rubygems.org/
  specs:
    actionview (6.1.2.1)
      activesupport (= 6.1.2.1)
      builder (~> 3.1)
      erubi (~> 1.4)
      rails-dom-testing (~> 2.0)
      rails-html-sanitizer (~> 1.1, >= 1.2.0)
    activesupport (6.1.2.1)
      concurrent-ruby (~> 1.0, >= 1.0.2)
      i18n (>= 1.6, < 2)
      minitest (>= 5.1)
      tzinfo (~> 2.0)
      zeitwerk (~> 2.3)
    builder (3.2.4)
    concurrent-ruby (1.1.8)
    crass (1.0.6)
    erubi (1.10.0)
    haml (5.2.1)
      temple (>= 0.8.0)
      tilt
    hash-deep-merge (0.1.1)
    i18n (1.8.9)
      concurrent-ruby (~> 1.0)
    json_pure (2.5.1)
    lazy_high_charts (1.6.1)
      hash-deep-merge
    loofah (2.9.0)
      crass (~> 1.0.2)
      nokogiri (>= 1.5.9)
    minitest (5.14.3)
    nokogiri (1.11.1-x86_64-linux)
      racc (~> 1.4)
    racc (1.5.2)
    rails-dom-testing (2.0.3)
      activesupport (>= 4.2.0)
      nokogiri (>= 1.6)
    rails-html-sanitizer (1.3.0)
      loofah (~> 2.3)
    temple (0.8.2)
    thor (1.1.0)
    tilt (2.0.10)
    tzinfo (2.0.4)
      concurrent-ruby (~> 1.0)
    zeitwerk (2.4.2)

PLATFORMS
  ruby

DEPENDENCIES
  git_stats!

BUNDLED WITH
   2.2.3
