GIT
  remote: https://github.com/mishina2228/git_stats.git
  revision: aac31a895de6e966005225b2ac6b64597c3e75a2
  tag: v2.1.2
  specs:
    git_stats (2.1.2)
      actionview (>= 6.1, < 8.0)
      activesupport (>= 6.1, < 8.0)
      haml (~> 5.0)
      i18n (~> 1.8)
      lazy_high_charts (~> 1.6)
      thor (~> 1.0)
      tilt (~> 2.0)

GEM
  remote: https://rubygems.org/
  specs:
    actionview (7.0.1)
      activesupport (= 7.0.1)
      builder (~> 3.1)
      erubi (~> 1.4)
      rails-dom-testing (~> 2.0)
      rails-html-sanitizer (~> 1.1, >= 1.2.0)
    activesupport (7.0.1)
      concurrent-ruby (~> 1.0, >= 1.0.2)
      i18n (>= 1.6, < 2)
      minitest (>= 5.1)
      tzinfo (~> 2.0)
    builder (3.2.4)
    concurrent-ruby (1.1.9)
    crass (1.0.6)
    erubi (1.10.0)
    haml (5.2.2)
      temple (>= 0.8.0)
      tilt
    hash-deep-merge (0.1.1)
    i18n (1.8.11)
      concurrent-ruby (~> 1.0)
    lazy_high_charts (1.6.1)
      hash-deep-merge
    loofah (2.13.0)
      crass (~> 1.0.2)
      nokogiri (>= 1.5.9)
    mini_portile2 (2.7.1)
    minitest (5.15.0)
    nokogiri (1.13.1)
      mini_portile2 (~> 2.7.0)
      racc (~> 1.4)
    racc (1.6.0)
    rails-dom-testing (2.0.3)
      activesupport (>= 4.2.0)
      nokogiri (>= 1.6)
    rails-html-sanitizer (1.4.2)
      loofah (~> 2.3)
    temple (0.8.2)
    thor (1.2.1)
    tilt (2.0.10)
    tzinfo (2.0.4)
      concurrent-ruby (~> 1.0)

PLATFORMS
  ruby

DEPENDENCIES
  git_stats!

BUNDLED WITH
   2.2.3
